GEM
  remote: http://rubygems.org/
  specs:
    bson (1.8.2)
    bson_ext (1.8.2)
      bson (~> 1.8.2)
    daemons (1.1.9)
    eventmachine (1.0.0)
    json (1.7.7)
    mongo (1.8.2)
      bson (~> 1.8.2)
    rack (1.5.2)
    sinatra (1.1.0)
      rack (~> 1.1)
      tilt (~> 1.1)
    sinatra-jsonapi (0.0.3)
      json
      sinatra
    sinatra-mongo (0.1.0)
      mongo
      sinatra (>= 0.9.4)
    thin (1.5.0)
      daemons (>= 1.0.9)
      eventmachine (>= 0.12.6)
      rack (>= 1.0.0)
    tilt (1.3.3)

PLATFORMS
  ruby

DEPENDENCIES
  bson_ext
  sinatra (= 1.1.0)
  sinatra-jsonapi
  sinatra-mongo
  thin
